GEM
  remote: https://rubygems.org/
  specs:
    daemons (1.1.8)
    eventmachine (0.12.10)
    faraday (0.8.1)
      multipart-post (~> 1.1)
    google_drive (0.3.0)
      nokogiri (>= 1.4.4, != 1.5.2, != 1.5.1)
      oauth (>= 0.3.6)
      oauth2 (>= 0.5.0)
    hpricot (0.8.6)
    httpauth (0.1)
    imdb (0.6.8)
      hpricot (~> 0.8.4)
    multi_json (1.3.6)
    multipart-post (1.1.5)
    nokogiri (1.5.4)
    oauth (0.4.6)
    oauth2 (0.7.1)
      faraday (~> 0.8)
      httpauth (~> 0.1)
      multi_json (~> 1.0)
      rack (~> 1.4)
    r18n-core (1.0.1)
    rack (1.4.1)
    rack-protection (1.2.0)
      rack
    rake (0.9.2.2)
    shotgun (0.9)
      rack (>= 1.0)
    sinatra (1.3.2)
      rack (~> 1.3, >= 1.3.6)
      rack-protection (~> 1.2)
      tilt (~> 1.3, >= 1.3.3)
    thin (1.3.1)
      daemons (>= 1.0.9)
      eventmachine (>= 0.12.6)
      rack (>= 1.0.0)
    tilt (1.3.3)

PLATFORMS
  ruby

DEPENDENCIES
  google_drive
  imdb
  r18n-core
  rake
  shotgun
  sinatra
  thin
